PATH
  remote: .
  specs:
    gem_template (1.0.0)

GEM
  remote: https://rubygems.org/
  specs:

PLATFORMS
  x86_64-darwin-20

DEPENDENCIES
  gem_template!

BUNDLED WITH
   2.2.3
